GEM
  remote: https://rubygems.org/
  specs:
    GeoRuby (1.3.4)
    chunky_png (1.3.10)
    libxml-ruby (3.1.0)
    mustermann (1.0.2)
    power_assert (1.1.1)
    rack (2.0.4)
    rack-protection (2.0.1)
      rack
    rack-test (1.0.0)
      rack (>= 1.0, < 3)
    rmagick (2.16.0)
    rubyvor (0.1.4)
      GeoRuby (>= 1.3.0)
      libxml-ruby (>= 0.9.9)
    sinatra (2.0.1)
      mustermann (~> 1.0)
      rack (~> 2.0)
      rack-protection (= 2.0.1)
      tilt (~> 2.0)
    test-unit (3.2.7)
      power_assert
    tilt (2.0.8)

PLATFORMS
  ruby

DEPENDENCIES
  chunky_png
  rack-test
  rmagick
  rubyvor
  sinatra
  test-unit

BUNDLED WITH
   1.16.1
